GEM
  remote: https://rubygems.org/
  specs:
    cfndsl (0.12.0)

PLATFORMS
  ruby

DEPENDENCIES
  cfndsl

BUNDLED WITH
   1.13.6
